PATH
  remote: .
  specs:
    arel (2.1.4.20110725155854)

GEM
  remote: http://rubygems.org/
  specs:
    hoe (2.10.0)
      rake (~> 0.8)
    minitest (2.3.1)
    rake (0.9.2)

PLATFORMS
  ruby

DEPENDENCIES
  arel!
  hoe (>= 2.1.0)
  minitest
